GEM
  remote: https://rubygems.org/
  specs:
    docile (1.1.5)
    json (2.0.3)
    kgio (2.11.0)
    liquid (4.0.0)
    pg (0.19.0)
    power_assert (0.4.1)
    rack (1.6.5)
    rack-protection (1.5.3)
      rack
    raindrops (0.17.0)
    rake (12.0.0)
    sequel (4.42.1)
    simplecov (0.12.0)
      docile (~> 1.1.0)
      json (>= 1.8, < 3)
      simplecov-html (~> 0.10.0)
    simplecov-html (0.10.0)
    sinatra (1.4.7)
      rack (~> 1.5)
      rack-protection (~> 1.4)
      tilt (>= 1.3, < 3)
    sqlite3 (1.3.13)
    tdp (1.0.0)
      sequel (~> 4.40)
    test-unit (3.2.3)
      power_assert
    tilt (2.0.5)
    unicorn (5.2.0)
      kgio (~> 2.6)
      raindrops (~> 0.7)

PLATFORMS
  ruby

DEPENDENCIES
  liquid (~> 4.0)
  pg (~> 0.19)
  rake
  sequel (~> 4.42)
  simplecov (~> 0.12)
  sinatra (~> 1.4)
  sqlite3 (~> 1.3)
  tdp (~> 1.0)
  test-unit (~> 3.2)
  unicorn (~> 5.2)

BUNDLED WITH
   1.13.7
